GIT
  remote: git@github.com:sinatra/sinatra.git
  revision: 1b0edc0aeaaf4839cadfcec1b21da86e6af1d4c0
  specs:
    rack-protection (2.0.0.beta2)
      rack
    sinatra (2.0.0.beta2)
      mustermann (= 1.0.0.beta2)
      rack (~> 2.0)
      rack-protection (= 2.0.0.beta2)
      tilt (~> 2.0)

GEM
  remote: https://rubygems.org/
  specs:
    mustermann (1.0.0.beta2)
    rack (2.0.1)
    tilt (2.0.5)

PLATFORMS
  ruby

DEPENDENCIES
  sinatra!

RUBY VERSION
   ruby 2.3.0p0

BUNDLED WITH
   1.13.1
